GIT
  remote: git://github.com/rails/rails.git
  revision: 12786518f1f712e32d850c09de22635823533500
  specs:
    activesupport (3.1.0.rc1)
      i18n (~> 0.6)
      multi_json (~> 1.0)

GEM
  remote: http://rubygems.org/
  specs:
    i18n (0.6.0)
    multi_json (1.0.3)

PLATFORMS
  ruby

DEPENDENCIES
  activesupport!
